PATH
  remote: .
  specs:
    Git Shizzle (0.0.1)
      git
      thor

GEM
  remote: http://rubygems.org/
  specs:
    coderay (0.9.8)
    diff-lcs (1.1.3)
    ffi (1.0.11)
    git (1.2.5)
    growl (1.0.3)
    guard (1.0.1)
      ffi (>= 0.5.0)
      thor (~> 0.14.6)
    guard-bundler (0.1.3)
      bundler (>= 1.0.0)
      guard (>= 0.2.2)
    guard-rspec (0.7.0)
      guard (>= 0.10.0)
    method_source (0.6.7)
      ruby_parser (>= 2.3.1)
    pry (0.9.7.4)
      coderay (~> 0.9.8)
      method_source (~> 0.6.7)
      ruby_parser (>= 2.3.1)
      slop (~> 2.1.0)
    rake (0.9.2.2)
    rspec (2.9.0)
      rspec-core (~> 2.9.0)
      rspec-expectations (~> 2.9.0)
      rspec-mocks (~> 2.9.0)
    rspec-core (2.9.0)
    rspec-expectations (2.9.1)
      diff-lcs (~> 1.1.3)
    rspec-mocks (2.9.0)
    ruby_parser (2.3.1)
      sexp_processor (~> 3.0)
    sexp_processor (3.0.8)
    slop (2.1.0)
    thor (0.14.6)

PLATFORMS
  ruby

DEPENDENCIES
  Git Shizzle!
  growl
  guard
  guard-bundler
  guard-rspec
  pry
  rake
  rspec
